GEM
  remote: http://rubygems.org/
  specs:
    diff-lcs (1.1.2)
    rack (2.0.1)
    rack-test (0.6.3)
      rack (>= 1.0)
    rspec (2.0.0.beta.9)
      rspec-core (= 2.0.0.beta.9)
      rspec-expectations (= 2.0.0.beta.9)
      rspec-mocks (= 2.0.0.beta.9)
    rspec-core (2.0.0.beta.9)
    rspec-expectations (2.0.0.beta.9)
      diff-lcs (>= 1.1.2)
    rspec-mocks (2.0.0.beta.9)

PLATFORMS
  ruby

DEPENDENCIES
  rack-test
  rspec (~> 2.0.0.beta.4)

BUNDLED WITH
   1.13.6
